PATH
  remote: google_drive-3.0.7
  specs:
    google_drive (3.0.7)

GEM
  remote: https://rubygems.org/
  specs:

PLATFORMS
  x86_64-linux

DEPENDENCIES
  google_drive!

BUNDLED WITH
   2.4.10
